GIT
  remote: git://github.com/sinatra/sinatra-contrib.git
  revision: 80573886588f8e27936930b2d02eefb65446cf41
  specs:
    sinatra-contrib (2.0.0)
      backports (>= 2.0)
      multi_json
      rack-protection
      rack-test
      sinatra
      tilt (>= 1.3, < 3)

GEM
  remote: https://rubygems.org/
  specs:
    addressable (2.3.8)
    ansi (1.5.0)
    ast (2.4.0)
    backports (3.6.8)
    dotenv (2.7.5)
    haml (5.2.2)
      temple (>= 0.8.0)
      tilt
    httparty (0.20.0)
      mime-types (~> 3.0)
      multi_xml (>= 0.5.2)
    json (1.8.6)
    mime-types (3.3.1)
      mime-types-data (~> 3.2015)
    mime-types-data (3.2021.0901)
    multi_json (1.11.3)
    multi_xml (0.6.0)
    mustermann (1.1.1)
      ruby2_keywords (~> 0.0.1)
    oga (3.2)
      ast
      ruby-ll (~> 2.1)
    rack (2.2.3)
    rack-pratchett (0.1.1)
    rack-protection (2.0.8.1)
      rack
    rack-test (0.6.3)
      rack (>= 1.0)
    rest-client (1.6.7)
      mime-types (>= 1.16)
    ruby-ll (2.1.2)
      ansi
      ast
    ruby2_keywords (0.0.2)
    sinatra (2.0.8.1)
      mustermann (~> 1.0)
      rack (~> 2.0)
      rack-protection (= 2.0.8.1)
      tilt (~> 2.0)
    temple (0.8.2)
    tilt (2.0.10)
    unirest (1.1.2)
      addressable (~> 2.3.5)
      json (~> 1.8.1)
      rest-client (~> 1.6.7)

PLATFORMS
  ruby

DEPENDENCIES
  dotenv
  haml
  httparty
  oga
  rack-pratchett
  sinatra
  sinatra-contrib!
  unirest

BUNDLED WITH
   1.11.2
