GEM
  remote: https://rubygems.org/
  specs:
    addressable (2.3.8)
    ansi (1.5.0)
    ast (2.4.0)
    backports (3.15.0)
    dotenv (2.7.5)
    haml (5.1.2)
      temple (>= 0.8.0)
      tilt
    httparty (0.17.3)
      mime-types (~> 3.0)
      multi_xml (>= 0.5.2)
    json (1.8.6)
    mime-types (3.3.1)
      mime-types-data (~> 3.2015)
    mime-types-data (3.2019.1009)
    multi_json (1.14.1)
    multi_xml (0.6.0)
    mustermann (1.1.0)
      ruby2_keywords (~> 0.0.1)
    oga (3.0)
      ast
      ruby-ll (~> 2.1)
    rack (2.0.8)
    rack-pratchett (0.1.1)
    rack-protection (2.0.8)
      rack
    rest-client (1.6.7)
      mime-types (>= 1.16)
    ruby-ll (2.1.2)
      ansi
      ast
    ruby2_keywords (0.0.1)
    sinatra (2.0.8)
      mustermann (~> 1.0)
      rack (~> 2.0)
      rack-protection (= 2.0.8)
      tilt (~> 2.0)
    sinatra-contrib (2.0.8)
      backports (>= 2.8.2)
      multi_json
      mustermann (~> 1.0)
      rack-protection (= 2.0.8)
      sinatra (= 2.0.8)
      tilt (~> 2.0)
    temple (0.8.2)
    tilt (2.0.10)
    unirest (1.1.2)
      addressable (~> 2.3.5)
      json (~> 1.8.1)
      rest-client (~> 1.6.7)

PLATFORMS
  ruby

DEPENDENCIES
  dotenv
  haml
  httparty
  oga
  rack-pratchett
  sinatra
  sinatra-contrib
  unirest

RUBY VERSION
   ruby 2.6.5p114

BUNDLED WITH
   2.1.2
