GIT
  remote: git://github.com/sinatra/sinatra-contrib.git
  revision: 80573886588f8e27936930b2d02eefb65446cf41
  specs:
    sinatra-contrib (2.0.0)
      backports (>= 2.0)
      multi_json
      rack-protection
      rack-test
      sinatra
      tilt (>= 1.3, < 3)

GEM
  remote: https://rubygems.org/
  specs:
    addressable (2.3.8)
    ansi (1.5.0)
    ast (2.2.0)
    backports (3.6.8)
    dotenv (2.1.1)
    haml (4.0.7)
      tilt
    httparty (0.13.7)
      json (~> 1.8)
      multi_xml (>= 0.5.2)
    json (1.8.3)
    mime-types (1.25.1)
    multi_json (1.11.3)
    multi_xml (0.5.5)
    oga (2.2)
      ast
      ruby-ll (~> 2.1)
    rack (1.6.4)
    rack-pratchett (0.1.1)
    rack-protection (1.5.3)
      rack
    rack-test (0.6.3)
      rack (>= 1.0)
    rest-client (1.6.9)
      mime-types (~> 1.16)
    ruby-ll (2.1.2)
      ansi
      ast
    sinatra (1.4.7)
      rack (~> 1.5)
      rack-protection (~> 1.4)
      tilt (>= 1.3, < 3)
    tilt (2.0.2)
    unirest (1.1.2)
      addressable (~> 2.3.5)
      json (~> 1.8.1)
      rest-client (~> 1.6.7)

PLATFORMS
  ruby

DEPENDENCIES
  dotenv
  haml
  httparty
  oga
  rack-pratchett
  sinatra
  sinatra-contrib!
  unirest

BUNDLED WITH
   1.11.2
